PATH
  remote: .
  specs:
    has_scope (0.8.0)
      actionpack (>= 5.2)
      activesupport (>= 5.2)

GEM
  remote: https://rubygems.org/
  specs:
    actionpack (7.0.4)
      actionview (= 7.0.4)
      activesupport (= 7.0.4)
      rack (~> 2.0, >= 2.2.0)
      rack-test (>= 0.6.3)
      rails-dom-testing (~> 2.0)
      rails-html-sanitizer (~> 1.0, >= 1.2.0)
    actionview (7.0.4)
      activesupport (= 7.0.4)
      builder (~> 3.1)
      erubi (~> 1.4)
      rails-dom-testing (~> 2.0)
      rails-html-sanitizer (~> 1.1, >= 1.2.0)
    activesupport (7.0.4)
      concurrent-ruby (~> 1.0, >= 1.0.2)
      i18n (>= 1.6, < 2)
      minitest (>= 5.1)
      tzinfo (~> 2.0)
    builder (3.2.4)
    concurrent-ruby (1.1.10)
    crass (1.0.6)
    erubi (1.11.0)
    i18n (1.12.0)
      concurrent-ruby (~> 1.0)
    loofah (2.19.0)
      crass (~> 1.0.2)
      nokogiri (>= 1.5.9)
    metaclass (0.0.4)
    mini_portile2 (2.8.0)
    minitest (5.16.3)
    mocha (1.0.0)
      metaclass (~> 0.0.1)
    nokogiri (1.13.9)
      mini_portile2 (~> 2.8.0)
      racc (~> 1.4)
    racc (1.6.0)
    rack (2.2.4)
    rack-test (2.0.2)
      rack (>= 1.3)
    rails-dom-testing (2.0.3)
      activesupport (>= 4.2.0)
      nokogiri (>= 1.6)
    rails-html-sanitizer (1.4.3)
      loofah (~> 2.3)
    rake (13.0.6)
    tzinfo (2.0.5)
      concurrent-ruby (~> 1.0)

PLATFORMS
  ruby

DEPENDENCIES
  actionpack (~> 7.0.0)
  activesupport (~> 7.0.0)
  has_scope!
  mocha (~> 1.0.0)
  rake

BUNDLED WITH
   2.3.24
